GEM
  remote: https://rubygems.org/
  specs:
    colorize (0.6.0)
    influxdb (0.0.16)
      json
    json (2.3.1)

PLATFORMS
  ruby

DEPENDENCIES
  colorize
  influxdb
